GEM
  remote: http://rubygems.org/
  specs:
    activesupport (3.0.3)
    backports (1.18.1)
    ffi (0.6.3)
      rake (>= 0.8.7)
    haml (3.0.25)
    i18n (0.5.0)
    json (1.4.6)
    mime-types (1.16)
    monkey-lib (0.5.4)
      backports
    rack (1.2.1)
    rake (0.8.7)
    rest-client (1.6.1)
      mime-types (>= 1.16)
    rrd-ffi (0.2.5)
      activesupport
      ffi
    sinatra (1.1.0)
      rack (~> 1.1)
      tilt (~> 1.1)
    sinatra-advanced-routes (0.5.1)
      monkey-lib (~> 0.5.0)
      sinatra (~> 1.0)
      sinatra-sugar (~> 0.5.0)
    sinatra-reloader (0.5.0)
      sinatra (~> 1.0)
      sinatra-advanced-routes (~> 0.5.0)
    sinatra-sugar (0.5.0)
      monkey-lib (~> 0.5.0)
      sinatra (~> 1.0)
    tilt (1.2.1)

PLATFORMS
  ruby

DEPENDENCIES
  activesupport (= 3.0.3)
  haml
  i18n
  json
  rest-client
  rrd-ffi
  sinatra
  sinatra-reloader
